GEM
  remote: https://rubygems.org/
  specs:
    rake (10.4.2)
    watchr (0.7)

PLATFORMS
  ruby

DEPENDENCIES
  rake
  watchr
